PATH
  remote: .
  specs:
    infosig-utils (1.0.3)

GEM
  remote: https://rubygems.org/
  specs:
    activesupport (6.0.3.7)
      concurrent-ruby (~> 1.0, >= 1.0.2)
      i18n (>= 0.7, < 2)
      minitest (~> 5.1)
      tzinfo (~> 1.1)
      zeitwerk (~> 2.2, >= 2.2.2)
    coderay (1.1.3)
    concurrent-ruby (1.1.9)
    connection_pool (2.2.5)
    i18n (1.10.0)
      concurrent-ruby (~> 1.0)
    m (1.5.1)
      method_source (>= 0.6.7)
      rake (>= 0.9.2.2)
    method_source (1.0.0)
    minitest (5.15.0)
    minitest-parallel_fork (1.1.2)
    pry (0.13.1)
      coderay (~> 1.1)
      method_source (~> 1.0)
    rack (2.2.3)
    rack-protection (2.1.0)
      rack
    rack-test (1.1.0)
      rack (>= 1.0, < 3)
    rake (13.0.6)
    ramda-ruby (0.16.0)
    redis (4.1.4)
    redlock (1.2.1)
      redis (>= 3.0.0, < 5.0)
    sequel (5.26.0)
    sidekiq (6.0.7)
      connection_pool (>= 2.2.2)
      rack (~> 2.0)
      rack-protection (>= 2.0.0)
      redis (>= 4.1.0)
    thread_safe (0.3.6)
    timecop (0.9.6)
    tzinfo (1.2.9)
      thread_safe (~> 0.1)
    zeitwerk (2.4.2)

PLATFORMS
  x86_64-linux

DEPENDENCIES
  activesupport
  concurrent-ruby
  infosig-utils!
  m (~> 1.5.0)
  minitest
  minitest-parallel_fork
  pry
  rack-test
  rake
  ramda-ruby
  redlock
  sequel
  sidekiq
  timecop

RUBY VERSION
   ruby 2.7.6p219

BUNDLED WITH
   2.3.12
